GEM
  remote: https://rubygems.org/
  specs:
    activesupport (3.2.3)
      i18n (~> 0.6)
      multi_json (~> 1.0)
    haml (3.1.6)
    i18n (0.6.0)
    json (1.7.3)
    maruku (0.6.0)
      syntax (>= 1.0.0)
    multi_json (1.3.5)
    mustache (0.99.4)
    sass (3.1.18)
    syntax (1.0.0)
    wicked_pdf (0.7.9)

PLATFORMS
  ruby

DEPENDENCIES
  activesupport
  haml
  json
  maruku
  mustache
  sass
  wicked_pdf
